PATH
  remote: .
  specs:
    engineer_calculator (2.0.2)

GEM
  remote: https://rubygems.org/
  specs:
    minitest (5.11.3)
    rake (13.0.1)

PLATFORMS
  ruby

DEPENDENCIES
  bundler (~> 1.16)
  engineer_calculator!
  minitest (~> 5.0)
  rake (~> 13.0)

BUNDLED WITH
   1.17.2
